PATH
  remote: .
  specs:
    rblineprof (0.3.5)
      debugger-ruby_core_source (~> 1.3)

GEM
  remote: https://rubygems.org/
  specs:
    debugger-ruby_core_source (1.3.1)
    rake (10.1.1)
    rake-compiler (0.9.2)
      rake

PLATFORMS
  ruby

DEPENDENCIES
  rake-compiler
  rblineprof!
